GEM
  remote: http://rubygems.org/
  specs:
    airvideo (0.0.8)
    logger (1.2.8)
    rack (1.3.5)
    sinatra (1.2.6)
      rack (~> 1.1)
      tilt (>= 1.2.2, < 2.0)
    tilt (1.3.3)

PLATFORMS
  ruby

DEPENDENCIES
  airvideo (= 0.0.8)
  logger
  sinatra (= 1.2.6)
